GEM
  remote: https://rubygems.org/
  specs:
    dimples (9.0.0)
      erubi (~> 1.10)
      redcarpet (~> 3.5)
      tilt (~> 2.0)
    erubi (1.12.0)
    http-2-next (1.0.2)
    httpx (1.2.0)
      http-2-next (>= 1.0.1)
    redcarpet (3.6.0)
    tilt (2.3.0)

PLATFORMS
  ruby

DEPENDENCIES
  dimples
  httpx

BUNDLED WITH
   2.1.4
