GEM
  remote: https://rubygems.org/
  specs:
    cgi (0.4.1)
    dimples (10.1.2)
      erb (~> 4.0)
      redcarpet (~> 3.6)
      tilt (~> 2.3)
    erb (4.0.4)
      cgi (>= 0.3.3)
    http-2-next (1.0.3)
    httpx (1.2.2)
      http-2-next (>= 1.0.3)
    redcarpet (3.6.0)
    tilt (2.3.0)

PLATFORMS
  ruby

DEPENDENCIES
  dimples
  httpx

BUNDLED WITH
   2.1.4
