GEM
  remote: https://rubygems.org/
  specs:
    dimples (7.0.5)
      erubi (~> 1.10)
      redcarpet (~> 3.5)
      tilt (~> 2.0)
    erubi (1.12.0)
    faraday (2.7.4)
      faraday-net_http (>= 2.0, < 3.1)
      ruby2_keywords (>= 0.0.4)
    faraday-net_http (3.0.2)
    redcarpet (3.6.0)
    ruby2_keywords (0.0.5)
    tilt (2.1.0)

PLATFORMS
  ruby

DEPENDENCIES
  dimples (~> 7.0)
  faraday

BUNDLED WITH
   2.1.4
