GEM
  remote: https://rubygems.org/
  specs:
    dimples (10.1.0)
      erubi (~> 1.12)
      redcarpet (~> 3.6)
      tilt (~> 2.3)
    erubi (1.12.0)
    http-2-next (1.0.3)
    httpx (1.2.2)
      http-2-next (>= 1.0.3)
    redcarpet (3.6.0)
    tilt (2.3.0)

PLATFORMS
  ruby

DEPENDENCIES
  dimples
  httpx

BUNDLED WITH
   2.1.4
