GEM
  remote: https://rubygems.org/
  specs:
    cgi (0.4.2)
    dimples (10.2.0)
      erb (~> 4.0)
      redcarpet (~> 3.6)
      tilt (~> 2.3)
    erb (4.0.4)
      cgi (>= 0.3.3)
    http-2 (1.1.1)
    httpx (1.4.4)
      http-2 (>= 1.0.0)
    redcarpet (3.6.1)
    tilt (2.6.0)

PLATFORMS
  ruby

DEPENDENCIES
  dimples
  httpx

BUNDLED WITH
   2.6.8
